PATH
  remote: .
  specs:
    rubillow (0.0.12)
      nokogiri

GEM
  remote: http://rubygems.org/
  specs:
    bluecloth (2.2.0)
    colorize (0.5.8)
    coveralls (0.6.0)
      colorize
      multi_json (~> 1.3)
      rest-client
      simplecov (>= 0.7)
      thor
    diff-lcs (1.2.5)
    mime-types (1.21)
    mini_portile2 (2.1.0)
    multi_json (1.6.1)
    nokogiri (1.6.8.1)
      mini_portile2 (~> 2.1.0)
    rake (10.0.3)
    rest-client (1.6.7)
      mime-types (>= 1.16)
    rspec (3.5.0)
      rspec-core (~> 3.5.0)
      rspec-expectations (~> 3.5.0)
      rspec-mocks (~> 3.5.0)
    rspec-core (3.5.4)
      rspec-support (~> 3.5.0)
    rspec-expectations (3.5.0)
      diff-lcs (>= 1.2.0, < 2.0)
      rspec-support (~> 3.5.0)
    rspec-mocks (3.5.0)
      diff-lcs (>= 1.2.0, < 2.0)
      rspec-support (~> 3.5.0)
    rspec-support (3.5.0)
    simplecov (0.7.1)
      multi_json (~> 1.0)
      simplecov-html (~> 0.7.1)
    simplecov-html (0.7.1)
    thor (0.17.0)
    yard (0.8.5.2)

PLATFORMS
  ruby

DEPENDENCIES
  bluecloth (~> 2.2)
  coveralls (~> 0.6)
  rake (~> 10.0)
  rspec (~> 3.5)
  rubillow!
  simplecov (~> 0.7)
  yard (~> 0.8)

BUNDLED WITH
   1.13.6
